NUGET
  remote: https://www.nuget.org/api/v2
    FParsec (1.0.2)
    System.ValueTuple (4.3) - restriction: >= net462
